GEM
  remote: https://rubygems.org/
  specs:
    rack (2.0.8)
    rake (12.0.0)

PLATFORMS
  ruby

DEPENDENCIES
  rack
  rake

BUNDLED WITH
   1.15.4
