GEM
  remote: https://rubygems.org/
  specs:
    rack (2.0.3)
    rake (12.3.3)

PLATFORMS
  ruby

DEPENDENCIES
  rack
  rake

BUNDLED WITH
   1.15.4
